GEM
  remote: https://rubygems.org/
  specs:
    RedCloth (4.2.9)
    albino (1.3.3)
      posix-spawn (>= 0.3.6)
    blankslate (3.1.3)
    chunky_png (1.3.4)
    classifier (1.3.4)
      fast-stemmer (>= 1.0.0)
    compass (0.12.7)
      chunky_png (~> 1.2)
      fssm (>= 0.2.7)
      sass (~> 3.2.19)
    directory_watcher (1.5.1)
    fast-stemmer (1.0.2)
    ffi (1.0.11)
    fssm (0.2.10)
    haml (5.0.0)
      temple (>= 0.8.0)
      tilt
    jekyll (0.11.2)
      albino (~> 1.3)
      classifier (~> 1.3)
      directory_watcher (~> 1.1)
      kramdown (~> 0.13)
      liquid (~> 2.3)
      maruku (~> 0.5)
    kramdown (0.14.2)
    liquid (2.3.0)
    maruku (0.7.2)
    posix-spawn (0.3.11)
    pygments.rb (0.2.13)
      rubypython (~> 0.5.3)
    rack (1.4.7)
    rack-protection (1.5.3)
      rack
    rake (0.9.6)
    rb-fsevent (0.9.5)
    rdiscount (1.6.8)
    rubypants (0.2.0)
    rubypython (0.5.3)
      blankslate (>= 2.1.2.3)
      ffi (~> 1.0.7)
    sass (3.2.19)
    sinatra (1.4.6)
      rack (~> 1.4)
      rack-protection (~> 1.4)
      tilt (>= 1.3, < 3)
    stringex (1.4.0)
    temple (0.8.2)
    tilt (2.0.1)

PLATFORMS
  ruby

DEPENDENCIES
  RedCloth (~> 4.2.9)
  compass (~> 0.12.1)
  haml (~> 5.0.0)
  jekyll (~> 0.11.2)
  liquid (~> 2.3.0)
  pygments.rb (~> 0.2.12)
  rack (~> 1.4.1)
  rake (~> 0.9.2)
  rb-fsevent (~> 0.9)
  rdiscount (~> 1.6.8)
  rubypants (~> 0.2.0)
  sinatra (~> 1.4.5)
  stringex (~> 1.4.0)

BUNDLED WITH
   1.10.5
